GEM
  remote: https://rubygems.org/
  specs:
    diff-lcs (1.2.5)
    domain_name (0.5.20180417)
      unf (>= 0.0.5, < 1.0.0)
    gnuplot (2.6.2)
    gruff (0.6.0)
      rmagick (>= 2.13.4)
    http-cookie (1.0.3)
      domain_name (~> 0.5)
    json (1.8.1)
    mime-types (3.2.2)
      mime-types-data (~> 3.2015)
    mime-types-data (3.2018.0812)
    mysql (2.9.1)
    netrc (0.11.0)
    open_uri_redirections (0.2.1)
    rest-client (2.0.2)
      http-cookie (>= 1.0.2, < 2.0)
      mime-types (>= 1.16, < 4.0)
      netrc (~> 0.8)
    rmagick (2.15.4)
    rspec (3.5.0)
      rspec-core (~> 3.5.0)
      rspec-expectations (~> 3.5.0)
      rspec-mocks (~> 3.5.0)
    rspec-core (3.5.3)
      rspec-support (~> 3.5.0)
    rspec-expectations (3.5.0)
      diff-lcs (>= 1.2.0, < 2.0)
      rspec-support (~> 3.5.0)
    rspec-mocks (3.5.0)
      diff-lcs (>= 1.2.0, < 2.0)
      rspec-support (~> 3.5.0)
    rspec-support (3.5.0)
    sequel (4.20.0)
    stock_quote (2.0.0)
      json
      rest-client (~> 2.0.2)
    trollop (2.1.1)
    unf (0.1.4)
      unf_ext
    unf_ext (0.0.7.5)

PLATFORMS
  ruby

DEPENDENCIES
  gnuplot
  gruff
  mysql
  open_uri_redirections
  rspec (= 3.5.0)
  sequel (= 4.20.0)
  stock_quote (= 2.0.0)
  trollop (~> 2.1.1)

BUNDLED WITH
   1.12.5
